GEM
  remote: http://rubygems.org/
  specs:
    rack (1.6.4)
    rack-protection (1.5.3)
      rack
    sinatra (1.4.6)
      rack (~> 1.4)
      rack-protection (~> 1.4)
      tilt (>= 1.3, < 3)
    telegram-webhooks (0.1.1)
      rack (~> 1.6.4)
    tilt (2.0.5)

PLATFORMS
  ruby

DEPENDENCIES
  sinatra
  telegram-webhooks

BUNDLED WITH
   1.12.5
